GIT
  remote: git://github.com/refinery/refinerycms-portfolio.git
  revision: 305c52eaacb8a526bc77121a49205250e23434ed
  branch: master
  specs:
    refinerycms-portfolio (3.0.0)
      friendly_id (~> 5.1.0)
      friendly_id-globalize (>= 1.0.0.alpha2)
      globalize (>= 4.0.0, < 5.2)
      refinerycms-acts-as-indexed (~> 3.0.0)
      refinerycms-core (~> 3.0.0)

GEM
  remote: https://rubygems.org/
  specs:
    actionmailer (4.2.7.1)
      actionpack (= 4.2.7.1)
      actionview (= 4.2.7.1)
      activejob (= 4.2.7.1)
      mail (~> 2.5, >= 2.5.4)
      rails-dom-testing (~> 1.0, >= 1.0.5)
    actionpack (4.2.7.1)
      actionview (= 4.2.7.1)
      activesupport (= 4.2.7.1)
      rack (~> 1.6)
      rack-test (~> 0.6.2)
      rails-dom-testing (~> 1.0, >= 1.0.5)
      rails-html-sanitizer (~> 1.0, >= 1.0.2)
    actionview (4.2.7.1)
      activesupport (= 4.2.7.1)
      builder (~> 3.1)
      erubis (~> 2.7.0)
      rails-dom-testing (~> 1.0, >= 1.0.5)
      rails-html-sanitizer (~> 1.0, >= 1.0.2)
    activejob (4.2.7.1)
      activesupport (= 4.2.7.1)
      globalid (>= 0.3.0)
    activemodel (4.2.7.1)
      activesupport (= 4.2.7.1)
      builder (~> 3.1)
    activerecord (4.2.7.1)
      activemodel (= 4.2.7.1)
      activesupport (= 4.2.7.1)
      arel (~> 6.0)
    activesupport (4.2.7.1)
      i18n (~> 0.7)
      json (~> 1.7, >= 1.7.7)
      minitest (~> 5.1)
      thread_safe (~> 0.3, >= 0.3.4)
      tzinfo (~> 1.1)
    acts_as_indexed (0.8.3)
    addressable (2.4.0)
    arel (6.0.3)
    autoprefixer-rails (6.4.1)
      execjs
    awesome_nested_set (3.0.3)
      activerecord (>= 4.0.0, < 5)
    babosa (1.0.2)
    bcrypt (3.1.11)
    bootstrap-sass (3.3.7)
      autoprefixer-rails (>= 5.2.1)
      sass (>= 3.3.4)
    bootstrap-will_paginate (0.0.10)
      will_paginate
    builder (3.2.2)
    byebug (9.0.5)
    coffee-rails (4.2.1)
      coffee-script (>= 2.2.0)
      railties (>= 4.0.0, < 5.2.x)
    coffee-script (2.4.1)
      coffee-script-source
      execjs
    coffee-script-source (1.10.0)
    commonjs (0.2.7)
    concurrent-ruby (1.0.2)
    debug_inspector (0.0.2)
    decorators (2.0.2)
      railties (>= 4.0.0, < 5.1)
    devise (3.5.10)
      bcrypt (~> 3.0)
      orm_adapter (~> 0.1)
      railties (>= 3.2.6, < 5)
      responders
      thread_safe (~> 0.1)
      warden (~> 1.2.3)
    diffy (3.1.0)
    dragonfly (1.0.12)
      addressable (~> 2.3)
      multi_json (~> 1.0)
      rack (>= 1.3.0)
    erubis (2.7.0)
    execjs (2.7.0)
    fancybox2-rails (0.2.8)
      railties (>= 3.1.0, < 5.0)
    font-awesome-sass (4.6.2)
      sass (>= 3.2)
    friendly_id (5.1.0)
      activerecord (>= 4.0.0)
    friendly_id-globalize (1.0.0.alpha2)
      friendly_id (~> 5.1.0, < 6.0)
    fullcalendar-rails (2.8.0.0)
      jquery-rails (>= 4.0.5, < 5.0.0)
      jquery-ui-rails (>= 5.0.2)
      momentjs-rails (>= 2.9.0)
    globalid (0.3.7)
      activesupport (>= 4.1.0)
    globalize (5.0.1)
      activemodel (>= 4.2.0, < 4.3)
      activerecord (>= 4.2.0, < 4.3)
    i18n (0.7.0)
    jbuilder (2.6.0)
      activesupport (>= 3.0.0, < 5.1)
      multi_json (~> 1.2)
    jquery-rails (4.2.1)
      rails-dom-testing (>= 1, < 3)
      railties (>= 4.2.0)
      thor (>= 0.14, < 2.0)
    jquery-slick-rails (1.6.0.2)
      railties (>= 3.1)
    jquery-turbolinks (2.1.0)
      railties (>= 3.1.0)
      turbolinks
    jquery-ui-rails (5.0.5)
      railties (>= 3.2.16)
    json (1.8.3)
    kgio (2.10.0)
    less (2.6.0)
      commonjs (~> 0.2.7)
    less-rails (2.7.1)
      actionpack (>= 4.0)
      less (~> 2.6.0)
      sprockets (> 2, < 4)
      tilt
    libv8 (3.16.14.15)
    loofah (2.0.3)
      nokogiri (>= 1.5.9)
    mail (2.6.4)
      mime-types (>= 1.16, < 4)
    mapbox-rails (1.6.1.1)
    mime-types (3.1)
      mime-types-data (~> 3.2015)
    mime-types-data (3.2016.0521)
    mini_portile2 (2.1.0)
    minitest (5.9.0)
    momentjs-rails (2.11.1)
      railties (>= 3.1)
    multi_json (1.12.1)
    nokogiri (1.6.8)
      mini_portile2 (~> 2.1.0)
      pkg-config (~> 1.1.7)
    orm_adapter (0.5.0)
    pkg-config (1.1.7)
    rack (1.6.4)
    rack-test (0.6.3)
      rack (>= 1.0)
    rails (4.2.7.1)
      actionmailer (= 4.2.7.1)
      actionpack (= 4.2.7.1)
      actionview (= 4.2.7.1)
      activejob (= 4.2.7.1)
      activemodel (= 4.2.7.1)
      activerecord (= 4.2.7.1)
      activesupport (= 4.2.7.1)
      bundler (>= 1.3.0, < 2.0)
      railties (= 4.2.7.1)
      sprockets-rails
    rails-deprecated_sanitizer (1.0.3)
      activesupport (>= 4.2.0.alpha)
    rails-dom-testing (1.0.7)
      activesupport (>= 4.2.0.beta, < 5.0)
      nokogiri (~> 1.6.0)
      rails-deprecated_sanitizer (>= 1.0.1)
    rails-html-sanitizer (1.0.3)
      loofah (~> 2.0)
    rails-i18n (4.0.9)
      i18n (~> 0.7)
      railties (~> 4.0)
    railties (4.2.7.1)
      actionpack (= 4.2.7.1)
      activesupport (= 4.2.7.1)
      rake (>= 0.8.7)
      thor (>= 0.18.1, < 2.0)
    raindrops (0.17.0)
    rake (11.2.2)
    ref (2.0.0)
    refinerycms (3.0.4)
      refinerycms-core (= 3.0.4)
      refinerycms-images (= 3.0.4)
      refinerycms-pages (= 3.0.4)
      refinerycms-resources (= 3.0.4)
    refinerycms-acts-as-indexed (3.0.0)
      acts_as_indexed (~> 0.8.0)
      decorators (~> 2.0)
      refinerycms-core (>= 3.0.0, < 5.0)
      stringex (~> 2.5.2)
    refinerycms-authentication-devise (1.0.4)
      actionmailer (~> 4.2, >= 4.2.0)
      devise (~> 3.0, >= 3.2.4)
      friendly_id (~> 5.1.0)
      refinerycms-core (~> 3.0, >= 3.0.0)
    refinerycms-core (3.0.4)
      actionpack (>= 4.2.3, < 5.0)
      activerecord (>= 4.2.3, < 5.0)
      awesome_nested_set (~> 3.0.0)
      coffee-rails (~> 4.0, >= 4.0.0)
      decorators (~> 2.0.0)
      font-awesome-sass (>= 4.3.0, < 5.0)
      jquery-rails (>= 2.3.0)
      jquery-ui-rails (~> 5.0.0)
      railties (>= 4.2.3, < 5.0)
      refinerycms-i18n (~> 3.0.0)
      sass-rails (>= 4.0, < 5.1)
      truncate_html (~> 0.9)
      will_paginate (~> 3.0.2)
      zilch-authorisation
    refinerycms-i18n (3.0.1)
      rails-i18n (~> 4.0.1)
      routing-filter (>= 0.4.0)
    refinerycms-images (3.0.4)
      dragonfly (~> 1.0.0)
      globalize (>= 4.0.0, < 5.2)
      refinerycms-core (= 3.0.4)
    refinerycms-pages (3.0.4)
      awesome_nested_set (~> 3.0.0)
      babosa (!= 0.3.6)
      diffy (~> 3.1.0)
      friendly_id (>= 5.1.0, < 5.3)
      globalize (>= 4.0.0, < 5.2)
      refinerycms-core (= 3.0.4)
      seo_meta (~> 2.0.0.rc.1)
      speakingurl-rails (~> 8.0.0)
    refinerycms-resources (3.0.4)
      acts_as_indexed (~> 0.8.0)
      dragonfly (~> 1.0.0)
      globalize (>= 4.0.0, < 5.2)
      refinerycms-core (= 3.0.4)
    refinerycms-wymeditor (1.0.7)
      refinerycms-core (>= 3.0.0, < 5.0)
    responders (2.3.0)
      railties (>= 4.2.0, < 5.1)
    routing-filter (0.6.0)
      actionpack (>= 4.2, < 5.1)
      activesupport (>= 4.2, < 5.1)
    rubygems-update (2.6.6)
    sass (3.4.22)
    sass-rails (5.0.6)
      railties (>= 4.0.0, < 6)
      sass (~> 3.1)
      sprockets (>= 2.8, < 4.0)
      sprockets-rails (>= 2.0, < 4.0)
      tilt (>= 1.1, < 3)
    seo_meta (2.0.0.rc.1)
      railties (>= 3.0.0)
    speakingurl-rails (8.0.2)
      railties (>= 3.1)
    spring (1.7.2)
    sprockets (3.7.0)
      concurrent-ruby (~> 1.0)
      rack (> 1, < 3)
    sprockets-rails (3.2.0)
      actionpack (>= 4.0)
      activesupport (>= 4.0)
      sprockets (>= 3.0.0)
    sqlite3 (1.3.11)
    stringex (2.5.2)
    therubyracer (0.12.2)
      libv8 (~> 3.16.14.0)
      ref
    thor (0.19.1)
    thread_safe (0.3.5)
    tilt (2.0.5)
    truncate_html (0.9.3)
    turbolinks (5.0.1)
      turbolinks-source (~> 5)
    turbolinks-source (5.0.0)
    twitter-bootstrap-rails (3.2.2)
      actionpack (>= 3.1)
      execjs (>= 2.2.2, >= 2.2)
      less-rails (>= 2.5.0)
      railties (>= 3.1)
    tzinfo (1.2.2)
      thread_safe (~> 0.1)
    uglifier (3.0.2)
      execjs (>= 0.3.0, < 3)
    unicorn (5.1.0)
      kgio (~> 2.6)
      raindrops (~> 0.7)
    warden (1.2.6)
      rack (>= 1.0)
    web-console (3.3.0)
      activemodel (>= 4.2)
      debug_inspector
      railties (>= 4.2)
    will_paginate (3.0.7)
    yt (0.25.39)
      activesupport
    zilch-authorisation (0.0.1)

PLATFORMS
  ruby

DEPENDENCIES
  bootstrap-sass
  bootstrap-will_paginate
  byebug
  coffee-rails
  fancybox2-rails
  friendly_id
  fullcalendar-rails
  jbuilder
  jquery-rails
  jquery-slick-rails
  jquery-turbolinks
  less-rails
  mapbox-rails
  momentjs-rails
  rails
  refinerycms (~> 3.0)
  refinerycms-acts-as-indexed
  refinerycms-authentication-devise (~> 1.0)
  refinerycms-portfolio!
  refinerycms-wymeditor (~> 1.0, >= 1.0.6)
  rubygems-update
  sass-rails
  spring
  sprockets
  sqlite3
  therubyracer
  turbolinks
  twitter-bootstrap-rails
  uglifier
  unicorn
  web-console
  yt

BUNDLED WITH
   1.11.2
